PATH
  remote: .
  specs:
    right_api_client (1.5.9)
      json
      rest-client (~> 1.6)

GEM
  remote: http://rubygems.org/
  specs:
    activesupport (3.0.0)
    diff-lcs (1.1.3)
    flexmock (0.8.7)
    json (1.7.3)
    mime-types (1.18)
    rake (0.8.7)
    rest-client (1.6.7)
      mime-types (>= 1.16)
    rspec (2.9.0)
      rspec-core (~> 2.9.0)
      rspec-expectations (~> 2.9.0)
      rspec-mocks (~> 2.9.0)
    rspec-core (2.9.0)
    rspec-expectations (2.9.1)
      diff-lcs (~> 1.1.3)
    rspec-mocks (2.9.0)
    simplecov (0.4.2)
      simplecov-html (~> 0.4.4)
    simplecov-html (0.4.5)

PLATFORMS
  ruby

DEPENDENCIES
  activesupport
  bundler
  flexmock (= 0.8.7)
  rake (= 0.8.7)
  right_api_client!
  rspec (= 2.9.0)
  simplecov (= 0.4.2)
