PATH
  remote: .
  specs:
    right_api_client (1.5.9)
      json
      rest-client (= 1.6.7)

GEM
  remote: http://rubygems.org/
  specs:
    activesupport (3.0.0)
    flexmock (0.8.7)
    json (1.6.6)
    mime-types (1.18)
    rake (0.8.7)
    rest-client (1.6.7)
      mime-types (>= 1.16)
    rspec (1.3.0)
    simplecov (0.4.2)
      simplecov-html (~> 0.4.4)
    simplecov-html (0.4.5)

PLATFORMS
  ruby

DEPENDENCIES
  activesupport
  bundler
  flexmock (= 0.8.7)
  rake (= 0.8.7)
  right_api_client!
  rspec (= 1.3.0)
  simplecov (= 0.4.2)
